GEM
  remote: http://rubygems.org/
  specs:
    blankslate (2.1.2.4)
    m (1.2.1)
      method_source (>= 0.6.7)
      rake (>= 0.9.2.2, < 1.0.0)
    method_source (0.8)
    parslet (1.4.0)
      blankslate (~> 2.0)
    rake (0.9.2.2)

PLATFORMS
  ruby

DEPENDENCIES
  m
  parslet
